PATH
  remote: .
  specs:
    podcasts (0.0.1)
      httparty (~> 0.13)
      nokogiri (~> 1.6)

GEM
  remote: https://rubygems.org/
  specs:
    httparty (0.21.0)
      mini_mime (>= 1.0.0)
      multi_xml (>= 0.5.2)
    mini_mime (1.1.2)
    mini_portile2 (2.8.1)
    minitest (5.18.0)
    multi_xml (0.6.0)
    nokogiri (1.14.3)
      mini_portile2 (~> 2.8.0)
      racc (~> 1.4)
    racc (1.6.2)
    rake (13.0.6)

PLATFORMS
  ruby

DEPENDENCIES
  bundler (~> 2.4)
  minitest (~> 5.0)
  podcasts!
  rake (~> 13.0)

BUNDLED WITH
   1.11.2
